GIT
  remote: https://github.com/hendricius/locode.git
  revision: 25767429ab0ff81953fbbbc833f659aa5470ad14
  specs:
    locode (0.0.1)

GEM
  remote: https://rubygems.org/
  specs:
    coderay (1.0.9)
    json (1.8.0)
    method_source (0.8.1)
    pry (0.9.12.2)
      coderay (~> 1.0.5)
      method_source (~> 0.8)
      slop (~> 3.4)
    rack (1.5.2)
    rack-protection (1.5.0)
      rack
    shotgun (0.9)
      rack (>= 1.0)
    sinatra (1.4.3)
      rack (~> 1.4)
      rack-protection (~> 1.4)
      tilt (~> 1.3, >= 1.3.4)
    slop (3.4.5)
    tilt (1.4.1)

PLATFORMS
  ruby

DEPENDENCIES
  json
  locode!
  pry
  shotgun
  sinatra
